GEM
  remote: http://rubygems.org/
  specs:
    compass (0.10.5)
      haml (>= 3.0.4)
    haml (3.0.18)
    rack (1.1.0)
    staticmatic (0.11.1)
      compass (>= 0.10.0)
      haml (>= 2.0.0)
      rack (>= 1.0)

PLATFORMS
  ruby

DEPENDENCIES
  compass (= 0.10.5)
  haml (= 3.0.18)
  staticmatic (= 0.11.1)
